Brain Vision Data Exchange Header File Version 1.0
; Data created by FieldTrip

[Common Infos]
DataFile=sub-02_ses-01_task-jokeit_run-01_ieeg.eeg
MarkerFile=sub-02_ses-01_task-jokeit_run-01_ieeg.vmrk
DataFormat=BINARY
DataOrientation=MULTIPLEXED
NumberOfChannels=4
SamplingInterval=500

[Binary Infos]
BinaryFormat=IEEE_FLOAT_32

[Channel Infos]
Ch1=mmAL1,,1
Ch2=mmAL2,,1
Ch3=mmAR1,,1
Ch4=mmAR2,,1
